GEM
  remote: https://rubygems.org/
  specs:
    activesupport (3.2.13)
      i18n (= 0.6.1)
      multi_json (~> 1.0)
    awesome_print (1.1.0)
    awesome_print_colors (0.0.1)
      awesome_print
    capistrano (2.14.2)
      highline
      net-scp (>= 1.0.0)
      net-sftp (>= 2.0.0)
      net-ssh (>= 2.0.14)
      net-ssh-gateway (>= 1.1.0)
    capistrano-ext (1.2.1)
      capistrano (>= 1.0.0)
    capistrano-uptodate (0.0.2)
      capistrano (>= 2.5.5)
    capistrano_colors (0.5.5)
    daemons (1.1.9)
    diff-lcs (1.2.2)
    eventmachine (1.0.3)
    highline (1.6.16)
    hirb (0.7.1)
    i18n (0.6.1)
    multi_json (1.7.2)
    net-scp (1.1.0)
      net-ssh (>= 2.6.5)
    net-sftp (2.1.1)
      net-ssh (>= 2.6.5)
    net-ssh (2.6.6)
    net-ssh-gateway (1.2.0)
      net-ssh (>= 2.6.5)
    rack (1.5.2)
    rack-protection (1.5.0)
      rack
    rake (10.0.4)
    rspec (2.13.0)
      rspec-core (~> 2.13.0)
      rspec-expectations (~> 2.13.0)
      rspec-mocks (~> 2.13.0)
    rspec-core (2.13.1)
    rspec-expectations (2.13.0)
      diff-lcs (>= 1.1.3, < 2.0)
    rspec-mocks (2.13.0)
    rvm (1.11.3.7)
    settingslogic (2.0.9)
    sinatra (1.4.2)
      rack (~> 1.5, >= 1.5.2)
      rack-protection (~> 1.4)
      tilt (~> 1.3, >= 1.3.4)
    thin (1.5.1)
      daemons (>= 1.0.9)
      eventmachine (>= 0.12.6)
      rack (>= 1.0.0)
    tilt (1.3.6)
    wirble (0.1.3)

PLATFORMS
  ruby

DEPENDENCIES
  activesupport (~> 3.2.13)
  awesome_print (~> 1.1.0)
  awesome_print_colors (~> 0.0.1)
  capistrano (~> 2.14.2)
  capistrano-ext (~> 1.2.1)
  capistrano-uptodate (~> 0.0.2)
  capistrano_colors (~> 0.5.5)
  hirb (~> 0.7.1)
  rake (~> 10.0.4)
  rspec (~> 2.13.0)
  rvm (~> 1.11.3.7)
  settingslogic (~> 2.0.9)
  sinatra (~> 1.4.2)
  thin (~> 1.5.1)
  wirble (~> 0.1.3)
